GEM
  remote: https://rubygems.org/
  specs:
<<<<<<< HEAD
=======
    coderay (1.1.1)
    diff-lcs (1.2.5)
    method_source (0.8.2)
    pry (0.10.4)
      coderay (~> 1.1.0)
      method_source (~> 0.8.1)
      slop (~> 3.4)
    rspec (3.5.0)
      rspec-core (~> 3.5.0)
      rspec-expectations (~> 3.5.0)
      rspec-mocks (~> 3.5.0)
    rspec-core (3.5.4)
      rspec-support (~> 3.5.0)
    rspec-expectations (3.5.0)
      diff-lcs (>= 1.2.0, < 2.0)
      rspec-support (~> 3.5.0)
    rspec-mocks (3.5.0)
      diff-lcs (>= 1.2.0, < 2.0)
      rspec-support (~> 3.5.0)
    rspec-support (3.5.0)
    slop (3.6.0)
>>>>>>> 167b87d90f10b4eb1cde103e348fe79ce5f0f7c1

PLATFORMS
  ruby

DEPENDENCIES
<<<<<<< HEAD
=======
  pry
  rspec

RUBY VERSION
   ruby 2.3.1p112
>>>>>>> 167b87d90f10b4eb1cde103e348fe79ce5f0f7c1

BUNDLED WITH
   1.13.6
